GIT
  remote: https://github.com/nomlab/sheetq.git
  revision: d47d1de79a04b730287219e539c2d9556f75b7e3
  specs:
    sheetq (0.1.0)
      clian (>= 0.4.1)
      thor (>= 0.19.1)

GIT
  remote: https://github.com/yoshinari-nomura/slack_socket_mode_bot.git
  revision: 72677059c8b7778efb5c12b07cbb1f7d13382c06
  branch: main
  specs:
    slack_socket_mode_bot (0.9.1)
      websocket (~> 1.2)

PATH
  remote: .
  specs:
    swimmy (0.1.0)

GEM
  remote: https://rubygems.org/
  specs:
    activesupport (7.1.5.1)
      base64
      benchmark (>= 0.3)
      bigdecimal
      concurrent-ruby (~> 1.0, >= 1.0.2)
      connection_pool (>= 2.2.5)
      drb
      i18n (>= 1.6, < 2)
      logger (>= 1.4.2)
      minitest (>= 5.1)
      mutex_m
      securerandom (>= 0.3)
      tzinfo (~> 2.0)
    addressable (2.8.7)
      public_suffix (>= 2.0.2, < 7.0)
    async (1.32.1)
      console (~> 1.10)
      nio4r (~> 2.3)
      timers (~> 4.1)
    async-io (1.43.2)
      async
    async-websocket (0.8.0)
      async-io
      websocket-driver (~> 0.7.0)
    base64 (0.2.0)
    benchmark (0.4.0)
    bigdecimal (3.1.9)
    childprocess (5.1.0)
      logger (~> 1.5)
    clian (0.4.1)
      google-api-client (~> 0.13)
      googleauth (~> 0.6.0)
      launchy
      mail
      thor (>= 0.19.1)
    concurrent-ruby (1.3.5)
    connection_pool (2.5.0)
    console (1.19.0)
      fiber-annotation
      fiber-local
    date (3.4.1)
    declarative (0.0.20)
    diff-lcs (1.6.1)
    dotenv (2.8.1)
    drb (2.2.1)
    enumdate (0.1.1)
    faraday (0.17.6)
      multipart-post (>= 1.2, < 3)
    faraday_middleware (0.14.0)
      faraday (>= 0.7.4, < 1.0)
    fiber-annotation (0.2.0)
    fiber-local (1.0.0)
    gli (2.22.2)
      ostruct
    google-api-client (0.32.1)
      addressable (~> 2.5, >= 2.5.1)
      googleauth (>= 0.5, < 0.10.0)
      httpclient (>= 2.8.1, < 3.0)
      mini_mime (~> 1.0)
      representable (~> 3.0)
      retriable (>= 2.0, < 4.0)
      signet (~> 0.10)
    googleauth (0.6.7)
      faraday (~> 0.12)
      jwt (>= 1.4, < 3.0)
      memoist (~> 0.16)
      multi_json (~> 1.11)
      os (>= 0.9, < 2.0)
      signet (~> 0.7)
    hashie (5.0.0)
    httpclient (2.9.0)
      mutex_m
    i18n (1.14.7)
      concurrent-ruby (~> 1.0)
    jwt (2.10.1)
      base64
    launchy (3.1.1)
      addressable (~> 2.8)
      childprocess (~> 5.0)
      logger (~> 1.6)
    logger (1.7.0)
    mail (2.8.1)
      mini_mime (>= 0.1.1)
      net-imap
      net-pop
      net-smtp
    memoist (0.16.2)
    mini_mime (1.1.5)
    mini_portile2 (2.8.8)
    minitest (5.25.5)
    mqtt (0.6.0)
    multi_json (1.15.0)
    multipart-post (2.4.1)
    mutex_m (0.3.0)
    net-imap (0.4.19)
      date
      net-protocol
    net-pop (0.1.2)
      net-protocol
    net-protocol (0.2.2)
      timeout
    net-smtp (0.5.1)
      net-protocol
    news-api (0.2.0)
    nio4r (2.7.4)
    nokogiri (1.15.7)
      mini_portile2 (~> 2.8.2)
      racc (~> 1.4)
    os (1.1.4)
    ostruct (0.6.1)
    public_suffix (5.1.1)
    racc (1.8.1)
    representable (3.2.0)
      declarative (< 0.1.0)
      trailblazer-option (>= 0.1.1, < 0.2.0)
      uber (< 0.2.0)
    retriable (3.1.2)
    rspec (3.13.0)
      rspec-core (~> 3.13.0)
      rspec-expectations (~> 3.13.0)
      rspec-mocks (~> 3.13.0)
    rspec-core (3.13.3)
      rspec-support (~> 3.13.0)
    rspec-expectations (3.13.3)
      diff-lcs (>= 1.2.0, < 2.0)
      rspec-support (~> 3.13.0)
    rspec-mocks (3.13.2)
      diff-lcs (>= 1.2.0, < 2.0)
      rspec-support (~> 3.13.0)
    rspec-support (3.13.2)
    securerandom (0.3.2)
    signet (0.19.0)
      addressable (~> 2.8)
      faraday (>= 0.17.5, < 3.a)
      jwt (>= 1.5, < 3.0)
      multi_json (~> 1.10)
    slack-ruby-bot (0.16.1)
      activesupport
      hashie
      slack-ruby-client (>= 0.14.0)
    slack-ruby-client (0.14.6)
      activesupport
      faraday (>= 0.9)
      faraday_middleware
      gli
      hashie
      websocket-driver
    systemu (2.6.5)
    thor (1.3.2)
    timeout (0.4.3)
    timers (4.3.5)
    trailblazer-option (0.1.2)
    tzinfo (2.0.6)
      concurrent-ruby (~> 1.0)
    uber (0.1.0)
    websocket (1.2.11)
    websocket-driver (0.7.7)
      base64
      websocket-extensions (>= 0.1.0)
    websocket-extensions (0.1.5)

PLATFORMS
  ruby

DEPENDENCIES
  async-websocket (~> 0.8.0)
  dotenv
  enumdate
  mqtt
  news-api
  nokogiri
  rspec
  sheetq!
  slack-ruby-bot
  slack_socket_mode_bot!
  swimmy!
  systemu
  websocket (~> 1.2)

BUNDLED WITH
   2.1.4
